PATH
  remote: .
  specs:
    ios-box (0.0.1)
      grit
      plist
      thor

GEM
  remote: http://rubygems.org/
  specs:
    diff-lcs (1.1.3)
    grit (2.4.1)
      diff-lcs (~> 1.1)
      mime-types (~> 1.15)
    mime-types (1.16)
    plist (3.1.0)
    thor (0.14.6)

PLATFORMS
  ruby

DEPENDENCIES
  ios-box!
